PATH
  remote: .
  specs:
    NYCLI (0.1.0)

GEM
  remote: https://rubygems.org/
  specs:

PLATFORMS
  ruby

DEPENDENCIES
  NYCLI!

BUNDLED WITH
   2.1.4
